GEM
  remote: https://rubygems.org/
  specs:
    builder (3.2.2)
    capify-ec2 (1.7.0)
      capistrano (~> 2.14)
      colored (= 1.2)
      fog (>= 1.23.0)
    capistrano (2.15.0)
      highline
      net-scp (>= 1.0.0)
      net-sftp (>= 2.0.0)
      net-ssh (>= 2.0.14)
      net-ssh-gateway (>= 1.1.0)
    colored (1.2)
    excon (0.76.0)
    fog (1.23.0)
      fog-brightbox
      fog-core (~> 1.23)
      fog-json
      fog-softlayer
      ipaddress (~> 0.5)
      nokogiri (~> 1.5, >= 1.5.11)
    fog-brightbox (0.4.1)
      fog-core (~> 1.22)
      fog-json
      inflecto
    fog-core (1.24.0)
      builder
      excon (~> 0.38)
      formatador (~> 0.2)
      mime-types
      net-scp (~> 1.1)
      net-ssh (>= 2.1.3)
    fog-json (1.0.0)
      multi_json (~> 1.0)
    fog-softlayer (0.3.15)
      fog-core
      fog-json
    formatador (0.2.5)
    highline (1.6.21)
    inflecto (0.0.2)
    ipaddress (0.8.0)
    mime-types (2.3)
    mini_portile (0.6.0)
    multi_json (1.10.1)
    net-scp (1.2.1)
      net-ssh (>= 2.6.5)
    net-sftp (2.1.2)
      net-ssh (>= 2.6.5)
    net-ssh (2.9.1)
    net-ssh-gateway (1.2.0)
      net-ssh (>= 2.6.5)
    nokogiri (1.6.3.1)
      mini_portile (= 0.6.0)

PLATFORMS
  ruby

DEPENDENCIES
  bundler
  capify-ec2
  capistrano (= 2.15.0)
